PATH
  remote: .
  specs:
    actress (0.0.1)
      algebrick (~> 0.4.0)
      atomic
      hitimes
      justified

GEM
  remote: http://rubygems.org/
  specs:
    algebrick (0.4.0)
    ansi (1.4.3)
    atomic (1.1.14)
    atomic (1.1.14-java)
    builder (3.2.2)
    coderay (1.1.0)
    ffi (1.9.3-java)
    hashie (2.0.5)
    hitimes (1.2.1)
    justified (0.0.4)
    kramdown (1.3.1)
    method_source (0.8.2)
    minitest (5.2.1)
    minitest-reporters (1.0.0)
      ansi
      builder
      minitest (>= 5.0)
      powerbar
    powerbar (1.0.11)
      ansi (~> 1.4.0)
      hashie (>= 1.1.0)
    pry (0.9.12.4)
      coderay (~> 1.0)
      method_source (~> 0.8)
      slop (~> 3.4)
    pry (0.9.12.4-java)
      coderay (~> 1.0)
      method_source (~> 0.8)
      slop (~> 3.4)
      spoon (~> 0.0)
    slop (3.4.7)
    spoon (0.0.4)
      ffi
    turn (0.9.6)
      ansi
    yard (0.8.7.3)

PLATFORMS
  java
  ruby

DEPENDENCIES
  actress!
  kramdown
  minitest
  minitest-reporters
  pry
  turn
  yard
