PATH
  remote: .
  specs:
    actress (0.0.1)
      algebrick
      logging

PATH
  remote: ../../public/algebrick
  specs:
    algebrick (0.1.1)

GEM
  remote: http://rubygems.org/
  specs:
    ansi (1.4.3)
    coderay (1.0.9)
    ffi (1.8.1-java)
    kramdown (1.0.2)
    little-plugger (1.1.3)
    logging (1.8.1)
      little-plugger (>= 1.1.3)
      multi_json (>= 1.3.6)
    method_source (0.8.1)
    minitest (4.7.4)
    multi_json (1.7.3)
    pry (0.9.12.2)
      coderay (~> 1.0.5)
      method_source (~> 0.8)
      slop (~> 3.4)
    pry (0.9.12.2-java)
      coderay (~> 1.0.5)
      method_source (~> 0.8)
      slop (~> 3.4)
      spoon (~> 0.0)
    slop (3.4.5)
    spoon (0.0.4)
      ffi
    turn (0.9.6)
      ansi
    yard (0.8.6.1)

PLATFORMS
  java
  ruby

DEPENDENCIES
  actress!
  algebrick!
  kramdown
  minitest (< 5)
  pry
  turn
  yard
